GEM
  remote: http://rubygems.org/
  specs:
    RedCloth (4.2.9)
    addressable (2.3.3)
    chunky_png (1.2.7)
    classifier (1.3.3)
      fast-stemmer (>= 1.0.0)
    compass (0.12.2)
      chunky_png (~> 1.2)
      fssm (>= 0.2.7)
      sass (~> 3.1)
    directory_watcher (1.4.1)
    faraday (0.8.6)
      multipart-post (~> 1.1)
    faraday_middleware (0.9.0)
      faraday (>= 0.7.4, < 0.9)
    fast-stemmer (1.0.2)
    fssm (0.2.10)
    haml (3.1.8)
    hashie (1.2.0)
    jekyll (0.12.1)
      classifier (~> 1.3)
      directory_watcher (~> 1.1)
      kramdown (~> 0.14)
      liquid (~> 2.3)
      maruku (~> 0.5)
      pygments.rb (~> 0.3.2)
    jsmin (1.0.1)
    kramdown (0.14.2)
    liquid (2.3.0)
    maruku (0.6.1)
      syntax (>= 1.0.0)
    minitest (4.6.2)
    multi_json (1.6.1)
    multipart-post (1.2.0)
    netrc (0.7.7)
    octokit (1.23.0)
      addressable (~> 2.2)
      faraday (~> 0.8)
      faraday_middleware (~> 0.9)
      hashie (~> 1.2)
      multi_json (~> 1.3)
      netrc (~> 0.7.7)
    posix-spawn (0.3.6)
    pygments.rb (0.3.7)
      posix-spawn (~> 0.3.6)
      yajl-ruby (~> 1.1.0)
    rack (1.5.2)
    rack-protection (1.3.2)
      rack
    rake (10.0.3)
    rake-minify (0.4.0)
      jsmin (~> 1.0.1)
      rake (>= 0.8.7)
    rb-fsevent (0.9.3)
    rdiscount (1.6.8)
    redcarpet (2.2.2)
    rubypants (0.2.0)
    sass (3.2.6)
    sinatra (1.3.5)
      rack (~> 1.4)
      rack-protection (~> 1.3)
      tilt (~> 1.3, >= 1.3.3)
    stringex (1.4.0)
    syntax (1.0.0)
    tilt (1.3.4)
    tzinfo (0.3.35)
    yajl-ruby (1.1.0)

PLATFORMS
  ruby

DEPENDENCIES
  RedCloth (~> 4.2.9)
  compass (~> 0.12.2)
  haml (~> 3.1.7)
  jekyll (~> 0.12.0)
  liquid (~> 2.3.0)
  minitest (~> 4.6)
  octokit
  pygments.rb (~> 0.3.4)
  rack (~> 1.5.0)
  rake (~> 10.0.3)
  rake-minify
  rb-fsevent (~> 0.9.3)
  rdiscount (~> 1.6.8)
  redcarpet (~> 2.2.2)
  rubypants (~> 0.2.0)
  sinatra (~> 1.3.3)
  stringex (~> 1.4.0)
  tzinfo (~> 0.3.35)
